GEM
  remote: https://rubygems.org/
  specs:
    newrelic_rpm (3.11.2.286)
    puma (2.11.0)
      rack (>= 1.1, < 2.0)
    rack (1.6.0)

PLATFORMS
  ruby

DEPENDENCIES
  newrelic_rpm
  puma
  rack
